GEM
  remote: https://rubygems.org/
  specs:
    backports (2.8.2)
    bson (1.8.2)
    bson_ext (1.8.2)
      bson (~> 1.8.2)
    eventmachine (1.0.1)
    haml (3.1.7)
    json (1.7.7)
    mime-types (1.21)
    mongo (1.8.2)
      bson (~> 1.8.2)
    rack (1.5.2)
    rack-protection (1.3.2)
      rack
    rack-test (0.6.2)
      rack (>= 1.0)
    rest-client (1.6.7)
      mime-types (>= 1.16)
    sinatra (1.3.4)
      rack (~> 1.4)
      rack-protection (~> 1.3)
      tilt (~> 1.3, >= 1.3.3)
    sinatra-contrib (1.3.2)
      backports (>= 2.0)
      eventmachine
      rack-protection
      rack-test
      sinatra (~> 1.3.0)
      tilt (~> 1.3)
    sinatra-reloader (1.0)
      sinatra-contrib
    system_timer (1.2.4)
    tilt (1.3.3)

PLATFORMS
  ruby

DEPENDENCIES
  bson_ext
  haml
  json
  mongo
  rest-client
  sinatra
  sinatra-reloader
  system_timer
