GEM
  remote: https://rubygems.org/
  specs:
    bson (1.8.2)
    bson_ext (1.8.2)
      bson (~> 1.8.2)
    json (1.7.7)
    mime-types (1.21)
    mongo (1.8.2)
      bson (~> 1.8.2)
    rest-client (1.6.7)
      mime-types (>= 1.16)
    system_timer (1.2.4)

PLATFORMS
  ruby

DEPENDENCIES
  bson_ext
  json
  mongo
  rest-client
  system_timer
