GEM
  remote: https://rubygems.org/
  specs:
    bson (1.8.2)
    bson_ext (1.8.2)
      bson (~> 1.8.2)
    cloudmade (0.2.0)
    json (1.7.7)
    mongo (1.8.2)
      bson (~> 1.8.2)
    system_timer (1.2.4)

PLATFORMS
  ruby

DEPENDENCIES
  bson_ext
  cloudmade
  json
  mongo
  system_timer
